PATH
  remote: .
  specs:
    spreedly_core (0.1.2)
      httparty (= 0.7.7)

GEM
  remote: http://rubygems.org/
  specs:
    addressable (2.2.7)
    columnize (0.3.2)
    crack (0.1.8)
    httparty (0.7.7)
      crack (= 0.1.8)
    linecache (0.43)
    rake (0.8.7)
    ruby-debug (0.10.4)
      columnize (>= 0.1)
      ruby-debug-base (~> 0.10.4.0)
    ruby-debug-base (0.10.4)
      linecache (>= 0.3)
    webmock (1.6.4)
      addressable (~> 2.2, > 2.2.5)
      crack (>= 0.1.7)

PLATFORMS
  ruby

DEPENDENCIES
  rake (= 0.8.7)
  ruby-debug
  spreedly_core!
  webmock (~> 1.6.2)
