PATH
  remote: .
  specs:
    spreedly_core (0.1.0)
      httparty (= 0.7.7)

GEM
  remote: http://rubygems.org/
  specs:
    columnize (0.3.2)
    crack (0.1.8)
    httparty (0.7.7)
      crack (= 0.1.8)
    linecache (0.43)
    rake (0.8.7)
    ruby-debug (0.10.4)
      columnize (>= 0.1)
      ruby-debug-base (~> 0.10.4.0)
    ruby-debug-base (0.10.4)
      linecache (>= 0.3)

PLATFORMS
  ruby

DEPENDENCIES
  rake (= 0.8.7)
  ruby-debug
  spreedly_core!
